GEM
  specs:
    influxdb (0.1.8)
      json
    json (1.8.2)

PLATFORMS
  ruby

DEPENDENCIES
  influxdb
